GEM
  remote: http://rubygems.org/
  specs:
    haml (4.0.3)
      tilt
    jsmin (1.0.1)
    rack (1.5.2)
    rack-protection (1.5.2)
      rack
    rack-test (0.6.2)
      rack (>= 1.0)
    sinatra (1.4.3)
      rack (~> 1.4)
      rack-protection (~> 1.4)
      tilt (~> 1.3, >= 1.3.4)
    sinatra-assetpack (0.2.8)
      jsmin
      rack-test
      sinatra
      tilt (>= 1.3.0)
    tilt (1.4.1)

PLATFORMS
  ruby

DEPENDENCIES
  haml (= 4.0.3)
  sinatra (= 1.4.3)
  sinatra-assetpack (= 0.2.8)
