GEM
  remote: http://rubygems.org/
  specs:
    haml (4.1.0.beta.1)
      tilt
    rack (1.5.2)
    rack-protection (1.5.3)
      rack
    redcarpet (3.2.0)
    shotgun (0.9)
      rack (>= 1.0)
    sinatra (1.4.3)
      rack (~> 1.4)
      rack-protection (~> 1.4)
      tilt (~> 1.3, >= 1.3.4)
    slim (3.0.6)
      temple (~> 0.7.3)
      tilt (>= 1.3.3, < 2.1)
    temple (0.7.6)
    tilt (1.4.1)

PLATFORMS
  ruby

DEPENDENCIES
  haml
  redcarpet
  shotgun
  sinatra
  slim

BUNDLED WITH
   1.10.6
